GEM
  remote: https://rubygems.org/
  specs:
    addressable (2.3.8)
    algoliasearch (1.7.0)
      httpclient (~> 2.4)
      json (>= 1.5.1)
    ast (2.2.0)
    colorator (0.1)
    diff-lcs (1.2.5)
    docile (1.1.5)
    dotenv (2.1.0)
    execjs (2.6.0)
    ffi (1.9.10)
    git-version-bump (0.15.1)
    googlestaticmap (1.2.2)
    htmlentities (4.3.4)
    httpclient (2.7.1)
    jekyll (3.1.2)
      colorator (~> 0.1)
      jekyll-sass-converter (~> 1.0)
      jekyll-watch (~> 1.1)
      kramdown (~> 1.3)
      liquid (~> 3.0)
      mercenary (~> 0.3.3)
      rouge (~> 1.7)
      safe_yaml (~> 1.0)
    jekyll-paginate (1.1.0)
    jekyll-sass-converter (1.4.0)
      sass (~> 3.4)
    jekyll-watch (1.3.1)
      listen (~> 3.0)
    json (1.8.3)
    kramdown (1.9.0)
    liquid (3.0.6)
    listen (3.0.6)
      rb-fsevent (>= 0.9.3)
      rb-inotify (>= 0.9.7)
    mercenary (0.3.5)
    mini_portile2 (2.0.0)
    net-http-persistent (2.9.4)
    newrelic_rpm (3.14.2.312)
    nokogiri (1.6.7.2)
      mini_portile2 (~> 2.0.0.rc2)
    parser (2.3.0.2)
      ast (~> 2.2)
    posix-spawn (0.3.11)
    powerpack (0.1.1)
    pygments.rb (0.6.3)
      posix-spawn (~> 0.3.6)
      yajl-ruby (~> 1.2.0)
    rack (1.5.5)
    rack-contrib (1.4.0)
      git-version-bump (~> 0.15)
      rack (~> 1.4)
    rack-host-redirect (1.2.1)
      rack
    rack-rewrite (1.5.1)
    rack-ssl-enforcer (0.2.9)
    rack-wwwhisper (1.1.9)
      addressable (~> 2.0)
      net-http-persistent
      rack (~> 1.0)
    rack-xframe-options (0.1.2)
      rack (>= 0.9.1)
    rainbow (2.1.0)
    rb-fsevent (0.9.7)
    rb-inotify (0.9.7)
      ffi (>= 0.5.0)
    redcarpet (3.3.4)
    rouge (1.10.1)
    rspec (3.4.0)
      rspec-core (~> 3.4.0)
      rspec-expectations (~> 3.4.0)
      rspec-mocks (~> 3.4.0)
    rspec-core (3.4.2)
      rspec-support (~> 3.4.0)
    rspec-expectations (3.4.0)
      diff-lcs (>= 1.2.0, < 2.0)
      rspec-support (~> 3.4.0)
    rspec-mocks (3.4.1)
      diff-lcs (>= 1.2.0, < 2.0)
      rspec-support (~> 3.4.0)
    rspec-support (3.4.1)
    rubocop (0.36.0)
      parser (>= 2.3.0.0, < 3.0)
      powerpack (~> 0.1)
      rainbow (>= 1.99.1, < 3.0)
      ruby-progressbar (~> 1.7)
    ruby-progressbar (1.7.5)
    rubyzip (1.1.7)
    safe_yaml (1.0.4)
    sass (3.4.21)
    simplecov (0.11.1)
      docile (~> 1.1.0)
      json (~> 1.8)
      simplecov-html (~> 0.10.0)
    simplecov-html (0.10.0)
    slugize (0.0.3)
    uglifier (2.7.2)
      execjs (>= 0.3.0)
      json (>= 1.8.0)
    yajl-ruby (1.2.1)

PLATFORMS
  ruby

DEPENDENCIES
  algoliasearch (>= 1.6.1)
  bundler (>= 1.7.9)
  dotenv (>= 0.11.1)
  googlestaticmap (>= 1.2.2)
  htmlentities (>= 4.3.2)
  jekyll (>= 3.0.3)
  jekyll-paginate
  newrelic_rpm (>= 3.9.8.273)
  nokogiri (>= 1.6.3.1)
  pygments.rb
  rack (< 1.6.0)
  rack-contrib (>= 1.2.0)
  rack-host-redirect
  rack-rewrite (>= 1.5.0)
  rack-ssl-enforcer (>= 0.2.9)
  rack-wwwhisper (>= 1.0)
  rack-xframe-options (>= 0.1.2)
  redcarpet
  rspec (>= 3.1.0)
  rubocop (>= 0.28.0)
  rubyzip (>= 1.1.6)
  simplecov (>= 0.9.1)
  slugize (>= 0.0.3)
  uglifier (>= 2.7.0)

RUBY VERSION
   ruby 2.2.4p230

BUNDLED WITH
   1.13.6
